PATH
  remote: .
  specs:
    osm-simple-router (0.0.1)
      algorithms (>= 0.5.0)
      builder (~> 3.0.0)
      georuby (>= 2.0.0)
      osmlib-base (>= 0.1.4)

GEM
  remote: http://rubygems.org/
  specs:
    algorithms (0.5.0)
    builder (3.0.4)
    georuby (2.0.0)
    osmlib-base (0.1.4)
    xmlparser (0.7.2.1)

PLATFORMS
  ruby

DEPENDENCIES
  algorithms
  builder
  georuby
  osm-simple-router!
  osmlib-base
  xmlparser
